PATH
  remote: .
  specs:
    digdag_utils (0.0.1)

GEM
  remote: https://rubygems.org/
  specs:
    minitest (5.14.1)
    rake (12.3.3)
    rufo (0.12.0)

PLATFORMS
  ruby

DEPENDENCIES
  bundler (~> 2.0)
  digdag_utils!
  minitest (~> 5.0)
  rake (~> 12.3.3)
  rufo (~> 0.12.0)

BUNDLED WITH
   2.1.4
